GEM
  remote: http://rubygems.org/
  specs:
    commander (4.0.6)
      highline (~> 1.5.0)
    git (1.2.5)
    highline (1.5.2)
    jeweler (1.6.4)
      bundler (~> 1.0)
      git (>= 1.2.5)
      rake
    json (1.6.1)
    mime-types (1.17.2)
    nokogiri (1.5.0)
    rake (0.9.2.2)
    rcov (0.9.11)
    rest-client (1.6.7)
      mime-types (>= 1.16)
    shoulda (2.11.3)

PLATFORMS
  ruby

DEPENDENCIES
  bundler (~> 1.0.0)
  commander
  jeweler (~> 1.6.4)
  json
  nokogiri
  rcov
  rest-client
  shoulda
